GIT
  remote: https://github.com/irrationalfab/PrettyBacon.git
  revision: d5f9850a5015b21024ab96f66128f6c7bd4f17d0
  specs:
    PrettyBacon (0.0.1)
      PrettyBacon (~> 0.0.1)

GEM
  remote: https://rubygems.org/
  specs:
    activesupport (3.2.13)
      i18n (= 0.6.1)
      multi_json (~> 1.0)
    bacon (1.2.0)
    i18n (0.6.1)
    metaclass (0.0.1)
    mocha (0.14.0)
      metaclass (~> 0.0.1)
    mocha-on-bacon (0.2.2)
      mocha (>= 0.13.0)
    multi_json (1.7.3)
    rake (10.0.4)
    yard (0.8.6.1)

PLATFORMS
  ruby

DEPENDENCIES
  PrettyBacon!
  activesupport
  bacon
  mocha-on-bacon
  rake
  yard
