GEM
  remote: https://rubygems.org/
  specs:
    activesupport (4.1.0)
      i18n (~> 0.6, >= 0.6.9)
      json (~> 1.7, >= 1.7.7)
      minitest (~> 5.1)
      thread_safe (~> 0.1)
      tzinfo (~> 1.1)
    bacon (1.2.0)
    ffi (1.9.3)
    i18n (0.6.9)
    json (1.8.1)
    kicker (3.0.0)
      listen (~> 1.3.0)
      notify (~> 0.5.2)
    listen (1.3.1)
      rb-fsevent (>= 0.9.3)
      rb-inotify (>= 0.9)
      rb-kqueue (>= 0.2)
    metaclass (0.0.4)
    minitest (5.3.3)
    mocha (1.0.0)
      metaclass (~> 0.0.1)
    mocha-on-bacon (0.2.2)
      mocha (>= 0.13.0)
    notify (0.5.2)
    prettybacon (0.0.2)
      bacon (~> 1.2)
    rake (10.3.1)
    rb-fsevent (0.9.4)
    rb-inotify (0.9.4)
      ffi (>= 0.5.0)
    rb-kqueue (0.2.2)
      ffi (>= 0.5.0)
    thread_safe (0.3.3)
    tzinfo (1.1.0)
      thread_safe (~> 0.1)
    yard (0.8.7.4)

PLATFORMS
  ruby

DEPENDENCIES
  activesupport
  bacon
  kicker
  mocha-on-bacon
  prettybacon
  rake
  yard
