GIT
  remote: https://github.com/irrationalfab/PrettyBacon.git
  revision: 926c214ade1ec1cbc9544d603e36f15a780f7e68
  branch: master
  specs:
    prettybacon (0.0.1)
      bacon (~> 1.2)

GEM
  remote: https://rubygems.org/
  specs:
    activesupport (3.2.13)
      i18n (= 0.6.1)
      multi_json (~> 1.0)
    bacon (1.2.0)
    ffi (1.9.3)
    i18n (0.6.1)
    kicker (3.0.0)
      listen (~> 1.3.0)
      notify (~> 0.5.2)
    listen (1.3.1)
      rb-fsevent (>= 0.9.3)
      rb-inotify (>= 0.9)
      rb-kqueue (>= 0.2)
    metaclass (0.0.1)
    mocha (0.14.0)
      metaclass (~> 0.0.1)
    mocha-on-bacon (0.2.2)
      mocha (>= 0.13.0)
    multi_json (1.7.3)
    notify (0.5.2)
    rake (10.0.4)
    rb-fsevent (0.9.4)
    rb-inotify (0.9.4)
      ffi (>= 0.5.0)
    rb-kqueue (0.2.2)
      ffi (>= 0.5.0)
    yard (0.8.6.1)

PLATFORMS
  ruby

DEPENDENCIES
  activesupport
  bacon
  kicker
  mocha-on-bacon
  prettybacon!
  rake
  yard
